GEM
  remote: https://rubygems.org/
  specs:
    aws-sdk (1.38.0)
      json (~> 1.4)
      nokogiri (>= 1.4.4)
      uuidtools (~> 2.1)
    chunky_png (1.3.0)
    colored (1.2)
    compass (0.12.4)
      chunky_png (~> 1.2)
      fssm (>= 0.2.7)
      sass (~> 3.2.17)
    configure-s3-website (1.5.3)
      deep_merge (= 1.0.0)
    deep_merge (1.0.0)
    erubis (2.7.0)
    filey-diff (1.4.3)
    fssm (0.2.10)
    json (1.8.1)
    mime-types (1.25.1)
    mini_portile (0.5.3)
    modular-scale (2.0.4)
      compass (>= 0.12.0)
    nokogiri (1.6.1)
      mini_portile (~> 0.5.0)
    s3_website (1.7.1)
      aws-sdk (~> 1)
      configure-s3-website (= 1.5.3)
      erubis (~> 2.7.0)
      filey-diff (~> 1.4.3)
      mime-types (~> 1)
      simple-cloudfront-invalidator (~> 1)
      thor (= 0.18.1)
      zopfli (~> 0.0.3)
    sass (3.2.18)
    simple-cloudfront-invalidator (1.0.1)
      colored (= 1.2)
    thor (0.18.1)
    uuidtools (2.1.4)
    zopfli (0.0.3)

PLATFORMS
  ruby

DEPENDENCIES
  compass
  modular-scale
  s3_website
  sass
